GEM
  remote: http://rubygems.org/
  specs:
    libxml-ruby (2.3.2)

PLATFORMS
  ruby

DEPENDENCIES
  libxml-ruby
